##TITLE= Parameter file, TopSpin 4.0.9
##JCAMPDX= 5.0
##DATATYPE= Parameter Values
##NPOINTS= 2	$$ modification sequence number
##ORIGIN= Bruker BioSpin GmbH
##OWNER= nmrsu
$$ 2021-07-27 22:38:52.270 +0100  nmrsu@CZC912DHWV
$$ C:/Bruker/TopSpin4.0.9/data/Ben01/nmr/Brian 19F round 3/707//specpar
$$ process C:\Bruker\TopSpin4.0.9\prog\mod\acqdataserver.exe
##$ANCIEN= (0..7)
0 0 0 0 0 0 0 0
##$BF1= 100.13
##$BF2= 100.13
##$BF3= 100.13
##$DEC= 1
##$DECB= 1
##$DEF19F= yes
##$DEFRSEL= yes
##$HPMOD= (0..32)
0 0 0 0 0 0 0 0 0 0 0 0 0 0 0 0 0 0 0 0 0 0 0 0 0 0 0 0 0 0 0 0 0
##$HPPRECH= (0..32)
-1 -1 -1 -1 -1 -1 -1 -1 -1 -1 -1 -1 -1 -1 -1 -1 -1 -1 -1 -1 -1 -1 -1 -1
-1 -1 -1 -1 -1 -1 -1 -1 -1
##$HPSELECT= no
##$LOCSW19F= -1
##$LOCSW2H= -1
##$NUC1= 14
##$NUC2= 10
##$NUC3= 0
##$NUC4= 0
##$NUC5= 0
##$NUC6= 0
##$NUC7= 0
##$NUC8= 0
##$NUCARR= (0..123)
599.983 599.983 92.101043556 639.965711124 457.060905574 88.294014266 233.176175155
84.308489192 64.460121578 192.498389724 150.865845347 43.356673527 60.795749406
81.336437402 564.548070018 47.36443397 158.706903177 36.728769322 156.336724334
119.199744578 242.877570273 46.05469508 58.785788356 48.932963526 27.997444717
34.811121657 15.367394578 40.379029895 145.746352402 33.824245619 33.833263364
59.820159048 157.813216499 33.914015075 148.731093833 19.426117579 142.358410397
53.614786871 159.088330369 170.417329372 37.539754344 144.004043771 182.97503956
20.929296987 102.732773155 114.425835842 31.305444986 150.319620823 162.034516892
23.084945908 57.92801666 196.317161523 26.00219525 29.400354966 55.77620763
146.852859051 39.100448123 39.921038872 135.046129585 27.630123124 30.967336568
19.118140304 27.455822063 24.286225871 27.920406899 127.289273368 133.15527716
131.190812822 131.472048853 196.306931812 213.787496517 223.737452592 143.579393802
77.753098933 157.014003143 189.29325054 120.041514728 166.856388268 49.462124533
78.694622256 59.605053142 66.675678803 79.163556969 84.751444641 183.7147946
32.6990735 20.1594288 25.0192911 20.6394152 149.1557738 65.8781334 18.4194781
24.1793149 144.2359132 20.6394152 28.9191806 128.0363722 17.2795104 49.7385907
104.992861118 28.92518043 68.42206132 48.78461773 24.04131881 15.10157211
71.935561768 24.997613715 135.143770818 136.505732228 13.693598004 46.591079882
10.30770794 11.22568193 128.977049547 10.37370607 107.46188716 39.668374031
342.729489056 346.093221747 125.520037498 96.412996221 11.048086962 21.7793829
100
##$NUCOFFS= (0..127)
<2H> <13C> <1H> <19F> <15N> <6Li> <3H> <3He> <7Li> <> <> <> <> <> <> <>
<> <> <> <> <> <> <> <> <> <> <> <> <> <> <> <> <> <> <> <> <> <> <> <>
<> <> <> <> <> <> <> <> <> <> <> <> <> <> <> <> <> <> <> <> <> <> <> <>
<> <> <> <> <> <> <> <> <> <> <> <> <> <> <> <> <> <> <> <> <> <> <> <>
<> <> <> <> <> <> <> <> <> <> <> <> <> <> <> <> <> <> <> <> <> <> <> <>
<> <> <> <> <> <> <> <> <> <> <> <> <> <> <> <>
##$OBS= 1
##$OFFS= (0..127)
0 0 0 0 0 0 0 0 0 0 0 0 0 0 0 0 0 0 0 0 0 0 0 0 0 0 0 0 0 0 0 0 0 0 0 0
0 0 0 0 0 0 0 0 0 0 0 0 0 0 0 0 0 0 0 0 0 0 0 0 0 0 0 0 0 0 0 0 0 0 0 0
0 0 0 0 0 0 0 0 0 0 0 0 0 0 0 0 0 0 0 0 0 0 0 0 0 0 0 0 0 0 0 0 0 0 0 0
0 0 0 0 0 0 0 0 0 0 0 0 0 0 0 0 0 0 0 0
##$OFFSF= (0..7)
0 0 0 0 0 0 0 0
##$OFFSH= (0..7)
0 0 0 0 0 0 0 0
##$OFFSX= (0..7)
0 0 0 0 0 0 0 0
##$OFFSXAS= (0..7)
0 0 0 0 0 0 0 0
##$OFSF1= 0
##$OFSF2= 0
##$OFSH1= 0
##$OFSH2= 0
##$OFSH3= 0
##$OFSX1= 0
##$OFSX2= 0
##$OFSY= 0
##$PACOIL= (0..32)
0 0 0 0 0 0 0 0 0 0 0 0 0 0 0 0 0 0 0 0 0 0 0 0 0 0 0 0 0 0 0 0 0
##$PRECHAN= (0..32)
-1 3 -1 0 1 4 -1 2 -1 -1 -1 -1 -1 -1 -1 -1 -1 -1 -1 -1 -1 -1 -1 -1 -1 -1
-1 -1 -1 -1 -1 -1 -1
##$RECPRE= (0..25)
-1 0 1 2 3 4 -1 -1 -1 -1 -1 -1 -1 -1 -1 -1 -1 -1 -1 -1 -1 -1 -1 -1 -1 -1
##$RECPRFX= (0..32)
1 1 1 1 1 0 0 0 0 0 0 0 0 0 0 0 0 0 0 0 0 0 0 0 0 0 0 0 0 0 0 0 0
##$RECSEL= (0..24)
0 1 2 3 4 5 6 7 8 9 10 11 12 13 14 15 16 17 18 19 20 21 22 23 24
##$SELREC= (0..24)
0 0 0 0 0 0 0 0 0 0 0 0 0 0 0 0 0 0 0 0 0 0 0 0 0
##$SFO1= 564.54807
##$SFO2= 150.885458
##$SFO3= 599.983
##$SFO4= 599.983
##$SFO5= 599.983
##$SFO6= 599.98582
##$SFO7= 599.98582
##$SFO8= 599.98582
##$TY= (0..123)
0 0 0 0 0 0 0 0 0 0 0 0 0 0 0 0 0 0 0 0 0 0 0 0 0 0 0 0 0 0 0 0 0 0 0 0
0 0 0 0 0 0 0 0 0 0 0 0 0 0 0 0 0 0 0 0 0 0 0 0 0 0 0 0 0 0 0 0 0 0 0 0
0 0 0 0 0 0 0 0 0 0 0 0 0 0 0 0 0 0 0 0 0 0 0 0 0 0 0 0 0 0 0 0 0 0 0 0
0 0 0 0 0 0 0 0 0 0 0 0 0 0 0 0
##END=
